PATH
  remote: .
  specs:
    call_center (1.0.4)
      builder
      state_machine (~> 1.2.0)

GEM
  remote: https://rubygems.org/
  specs:
    actionpack (2.3.17)
      activesupport (= 2.3.17)
      rack (~> 1.1.0)
    activesupport (2.3.17)
    ansi (1.4.3)
    appraisal (0.5.2)
      bundler
      rake
    bourne (1.2.0)
      mocha (= 0.12.3)
    builder (3.1.3)
    bump (0.4.2)
    guard (0.7.0)
      thor (~> 0.14.6)
    guard-shell (0.1.1)
      guard (>= 0.2.0)
    guard-test (0.3.0)
      guard (>= 0.2.2)
      test-unit (~> 2.2)
    hashie (1.2.0)
    metaclass (0.0.1)
    minitest (3.3.0)
    minitest-reporters (0.11.0)
      ansi
      builder
      minitest (>= 2.12, < 4.0)
      powerbar
    mocha (0.12.3)
      metaclass (~> 0.0.1)
    multi_json (1.7.7)
    powerbar (1.0.9)
      ansi (~> 1.4.0)
      hashie (>= 1.1.0)
    rack (1.1.6)
    rake (0.9.2.2)
    shoulda (3.0.1)
      shoulda-context (~> 1.0.0)
      shoulda-matchers (~> 1.0.0)
    shoulda-context (1.0.0)
    shoulda-matchers (1.0.0)
    simplecov (0.7.1)
      multi_json (~> 1.0)
      simplecov-html (~> 0.7.1)
    simplecov-html (0.7.1)
    state_machine (1.2.0)
    test-unit (2.3.0)
    thor (0.14.6)

PLATFORMS
  ruby

DEPENDENCIES
  actionpack (~> 2.3.15)
  appraisal
  bourne (>= 1.2.0)
  bump
  call_center!
  guard
  guard-shell
  guard-test
  minitest (~> 3.3.0)
  minitest-reporters
  mocha
  shoulda
  simplecov
